GIT
  remote: git://github.com/rails/rails.git
  revision: f6ae24c720600a1acb6a8521f2dad1b7dca59a98
  tag: v3.1.0.rc2
  specs:
    actionmailer (3.1.0.rc2)
      actionpack (= 3.1.0.rc2)
      mail (~> 2.3.0)
    actionpack (3.1.0.rc2)
      activemodel (= 3.1.0.rc2)
      activesupport (= 3.1.0.rc2)
      builder (~> 3.0.0)
      erubis (~> 2.7.0)
      i18n (~> 0.6)
      rack (~> 1.3.0)
      rack-cache (~> 1.0.1)
      rack-mount (~> 0.8.1)
      rack-test (~> 0.6.0)
      sprockets (~> 2.0.0.beta.10)
      tzinfo (~> 0.3.27)
    activemodel (3.1.0.rc2)
      activesupport (= 3.1.0.rc2)
      bcrypt-ruby (~> 2.1.4)
      builder (~> 3.0.0)
      i18n (~> 0.6)
    activerecord (3.1.0.rc2)
      activemodel (= 3.1.0.rc2)
      activesupport (= 3.1.0.rc2)
      arel (~> 2.1.1)
      tzinfo (~> 0.3.27)
    activeresource (3.1.0.rc2)
      activemodel (= 3.1.0.rc2)
      activesupport (= 3.1.0.rc2)
    activesupport (3.1.0.rc2)
      multi_json (~> 1.0)
    rails (3.1.0.rc2)
      actionmailer (= 3.1.0.rc2)
      actionpack (= 3.1.0.rc2)
      activerecord (= 3.1.0.rc2)
      activeresource (= 3.1.0.rc2)
      activesupport (= 3.1.0.rc2)
      bundler (~> 1.0)
      railties (= 3.1.0.rc2)
    railties (3.1.0.rc2)
      actionpack (= 3.1.0.rc2)
      activesupport (= 3.1.0.rc2)
      rack-ssl (~> 1.3.2)
      rake (>= 0.8.7)
      thor (~> 0.14.6)

GEM
  remote: http://rubygems.org/
  specs:
    addressable (2.2.6)
    arel (2.1.1)
    bcrypt-ruby (2.1.4)
    builder (3.0.0)
    coffee-script (2.2.0)
      coffee-script-source
      execjs
    coffee-script-source (1.1.1)
    devise (1.3.4)
      bcrypt-ruby (~> 2.1.2)
      orm_adapter (~> 0.0.3)
      warden (~> 1.0.3)
    em-websocket (0.2.1)
      addressable (>= 2.1.1)
      eventmachine (>= 0.12.9)
    erubis (2.7.0)
    eventmachine (0.12.10)
    execjs (1.1.1)
      multi_json (~> 1.0)
    factory_girl (1.3.3)
    factory_girl_rails (1.0.1)
      factory_girl (~> 1.3)
      railties (>= 3.0.0)
    guard (0.4.2)
      thor (~> 0.14.6)
    guard-livereload (0.1.11)
      em-websocket (~> 0.2.0)
      guard (>= 0.2.2)
      json (~> 1.5.1)
    guard-test (0.2.0)
      guard (>= 0.2.2)
      test-unit (~> 2.2)
    hike (1.0.0)
    i18n (0.6.0)
    jquery-rails (1.0.9)
      railties (~> 3.0)
      thor (~> 0.14)
    json (1.5.1)
    mail (2.3.0)
      i18n (>= 0.4.0)
      mime-types (~> 1.16)
      treetop (~> 1.4.8)
    mime-types (1.16)
    multi_json (1.0.3)
    orm_adapter (0.0.5)
    polyglot (0.3.1)
    rack (1.3.0)
    rack-cache (1.0.2)
      rack (>= 0.4)
    rack-mount (0.8.1)
      rack (>= 1.0.0)
    rack-ssl (1.3.2)
      rack
    rack-test (0.6.0)
      rack (>= 1.0)
    rake (0.9.2)
    sass (3.1.2)
    shoulda (2.11.3)
    sprockets (2.0.0.beta.10)
      hike (~> 1.0)
      rack (~> 1.0)
      tilt (~> 1.1, != 1.3.0)
    sqlite3 (1.3.3)
    test-unit (2.3.0)
    thor (0.14.6)
    tilt (1.3.2)
    treetop (1.4.9)
      polyglot (>= 0.3.1)
    tzinfo (0.3.27)
    warden (1.0.4)
      rack (>= 1.0)

PLATFORMS
  ruby

DEPENDENCIES
  coffee-script
  devise
  factory_girl_rails
  guard-livereload
  guard-test
  jquery-rails
  rails!
  sass
  shoulda
  sqlite3
